GEM
  remote: https://rubygems.org/
  specs:
    CFPropertyList (2.2.8)
    bintray_deploy (0.0.4)
      configuration
      rest-client
      thor
    configuration (1.3.4)
    diff-lcs (1.2.5)
    facter (2.0.1)
      CFPropertyList (~> 2.2.6)
    hiera (1.3.2)
      json_pure
    highline (1.6.21)
    json (1.8.1)
    json_pure (1.8.1)
    librarian (0.1.2)
      highline
      thor (~> 0.15)
    librarian-puppet (1.0.2)
      json
      librarian (>= 0.1.2)
    mime-types (2.2)
    opskeleton (0.4.7)
      bintray_deploy
      thor
    puppet (3.6.0)
      facter (> 1.6, < 3)
      hiera (~> 1.0)
      json_pure
      rgen (~> 0.6.5)
    puppet-lint (0.3.2)
    rake (10.3.1)
    rest-client (1.6.7)
      mime-types (>= 1.16)
    rgen (0.6.6)
    rspec (2.14.1)
      rspec-core (~> 2.14.0)
      rspec-expectations (~> 2.14.0)
      rspec-mocks (~> 2.14.0)
    rspec-core (2.14.8)
    rspec-expectations (2.14.5)
      diff-lcs (>= 1.1.3, < 2.0)
    rspec-mocks (2.14.6)
    rspec-puppet (1.0.1)
      rspec
    thor (0.19.1)

PLATFORMS
  ruby

DEPENDENCIES
  librarian-puppet
  opskeleton
  puppet
  puppet-lint
  rake
  rspec-puppet
